GIT
  remote: git://github.com/galetahub/rails-ckeditor.git
  revision: 68ca94d70e15838ebb5efb56cf88193281cac2b2
  branch: rails3
  specs:
    ckeditor (3.4.3.pre)
      mime-types (>= 1.16)

GIT
  remote: git://github.com/stffn/declarative_authorization.git
  revision: 150e4f10b36946f7d2bdbbc609c7b0ef2e20d112
  specs:
    declarative_authorization (0.5.1)

GEM
  remote: http://rubygems.org/
  specs:
    abstract (1.0.0)
    actionmailer (3.0.1)
      actionpack (= 3.0.1)
      mail (~> 2.2.5)
    actionpack (3.0.1)
      activemodel (= 3.0.1)
      activesupport (= 3.0.1)
      builder (~> 2.1.2)
      erubis (~> 2.6.6)
      i18n (~> 0.4.1)
      rack (~> 1.2.1)
      rack-mount (~> 0.6.12)
      rack-test (~> 0.5.4)
      tzinfo (~> 0.3.23)
    activemodel (3.0.1)
      activesupport (= 3.0.1)
      builder (~> 2.1.2)
      i18n (~> 0.4.1)
    activerecord (3.0.1)
      activemodel (= 3.0.1)
      activesupport (= 3.0.1)
      arel (~> 1.0.0)
      tzinfo (~> 0.3.23)
    activeresource (3.0.1)
      activemodel (= 3.0.1)
      activesupport (= 3.0.1)
    activesupport (3.0.1)
    acts_as_tree (0.1.1)
    arel (1.0.1)
      activesupport (~> 3.0.0)
    babosa (0.2.0)
    bcrypt-ruby (2.1.2)
    bhm-google-maps (0.3.0)
    builder (2.1.2)
    cancan (1.4.1)
    capistrano (2.5.19)
      highline
      net-scp (>= 1.0.0)
      net-sftp (>= 2.0.0)
      net-ssh (>= 2.0.14)
      net-ssh-gateway (>= 1.0.0)
    daemon_controller (0.2.5)
    devise (1.1.4)
      bcrypt-ruby (~> 2.1.2)
      warden (~> 1.0.2)
    dynamic_form (1.1.3)
    erubis (2.6.6)
      abstract (>= 1.0.0)
    fastthread (1.0.7)
    file-tail (1.0.5)
      spruz (>= 0.1.0)
    friendly_id (3.1.7)
      babosa (~> 0.2.0)
    geoip (0.8.7)
    geokit (1.5.0)
    geokit-rails3 (0.1.2)
      geokit (~> 1.5.0)
      rails (~> 3.0.0)
    highline (1.6.1)
    i18n (0.4.2)
    jquery-rails (0.2.5)
      rails (~> 3.0)
      thor (~> 0.14.4)
    json (1.4.6)
    mail (2.2.10)
      activesupport (>= 2.3.6)
      i18n (~> 0.4.1)
      mime-types (~> 1.16)
      treetop (~> 1.4.8)
    meta_where (0.9.6)
      activerecord (~> 3.0.0)
      activesupport (~> 3.0.0)
      arel (~> 1.0.1)
    mime-types (1.16)
    mysql (2.8.1)
    mysql2 (0.2.6)
    net-scp (1.0.4)
      net-ssh (>= 1.99.1)
    net-sftp (2.0.5)
      net-ssh (>= 2.0.9)
    net-ssh (2.0.23)
    net-ssh-gateway (1.0.1)
      net-ssh (>= 1.99.1)
    paperclip (2.3.5)
      activerecord
      activesupport
    passenger (3.0.0)
      daemon_controller (>= 0.2.5)
      fastthread (>= 1.0.1)
      file-tail
      rack
      rake (>= 0.8.1)
    polyglot (0.3.1)
    rack (1.2.1)
    rack-mount (0.6.13)
      rack (>= 1.0.0)
    rack-openid (1.2.0)
      rack (>= 1.1.0)
      ruby-openid (>= 2.1.8)
    rack-test (0.5.6)
      rack (>= 1.0)
    rails (3.0.1)
      actionmailer (= 3.0.1)
      actionpack (= 3.0.1)
      activerecord (= 3.0.1)
      activeresource (= 3.0.1)
      activesupport (= 3.0.1)
      bundler (~> 1.0.0)
      railties (= 3.0.1)
    rails-geocoder (0.9.5)
    rails3-generators (0.14.0)
    railties (3.0.1)
      actionpack (= 3.0.1)
      activesupport (= 3.0.1)
      rake (>= 0.8.4)
      thor (~> 0.14.0)
    rake (0.8.7)
    responds_to_parent (1.0.20091013)
    rmagick (2.13.1)
    ruby-openid (2.1.8)
    spruz (0.2.2)
    thor (0.14.4)
    treetop (1.4.9)
      polyglot (>= 0.3.1)
    tzinfo (0.3.23)
    warden (1.0.2)
      rack (>= 1.0.0)
    web-app-theme (0.6.2)
    will_paginate (3.0.pre2)

PLATFORMS
  ruby

DEPENDENCIES
  acts_as_tree
  bhm-google-maps
  cancan
  capistrano
  ckeditor!
  declarative_authorization!
  devise
  dynamic_form
  friendly_id (~> 3.1)
  geoip
  geokit
  geokit-rails3
  jquery-rails
  json
  meta_where
  mysql
  mysql2
  paperclip
  passenger
  rack
  rack-openid (>= 0.2.1)
  rails (= 3.0.1)
  rails-geocoder
  rails3-generators
  responds_to_parent
  rmagick
  ruby-openid
  web-app-theme
  will_paginate (~> 3.0.pre2)
