GIT
  remote: git://github.com/freelancing-god/thinking-sphinx.git
  revision: ea7673a0188f6c8aab90ebaa857023e03ff2fc8a
  branch: rails3
  specs:
    thinking-sphinx (2.0.5)
      activerecord (>= 3.0.3)
      riddle (>= 1.3.3)

GIT
  remote: git://github.com/galetahub/rails-ckeditor.git
  revision: 8d955f2bdc5aede984004f656d013e7961919f8e
  branch: rails3
  specs:
    ckeditor (3.5.4)
      mime-types (>= 1.16)

GIT
  remote: git://github.com/stffn/declarative_authorization.git
  revision: 792b1558dd79c5305dadade72e9eb458073de190
  specs:
    declarative_authorization (0.5.3)

GEM
  remote: http://rubygems.org/
  specs:
    abstract (1.0.0)
    actionmailer (3.0.6)
      actionpack (= 3.0.6)
      mail (~> 2.2.15)
    actionpack (3.0.6)
      activemodel (= 3.0.6)
      activesupport (= 3.0.6)
      builder (~> 2.1.2)
      erubis (~> 2.6.6)
      i18n (~> 0.5.0)
      rack (~> 1.2.1)
      rack-mount (~> 0.6.14)
      rack-test (~> 0.5.7)
      tzinfo (~> 0.3.23)
    activemodel (3.0.6)
      activesupport (= 3.0.6)
      builder (~> 2.1.2)
      i18n (~> 0.5.0)
    activerecord (3.0.6)
      activemodel (= 3.0.6)
      activesupport (= 3.0.6)
      arel (~> 2.0.2)
      tzinfo (~> 0.3.23)
    activeresource (3.0.6)
      activemodel (= 3.0.6)
      activesupport (= 3.0.6)
    activesupport (3.0.6)
    acts_as_tree (0.1.1)
    arel (2.0.10)
    babosa (0.3.5)
    bcrypt-ruby (2.1.4)
    bhm-google-maps (0.3.0)
    builder (2.1.2)
    cancan (1.6.5)
    capistrano (2.6.0)
      highline
      net-scp (>= 1.0.0)
      net-sftp (>= 2.0.0)
      net-ssh (>= 2.0.14)
      net-ssh-gateway (>= 1.1.0)
    cocaine (0.1.0)
    daemon_controller (0.2.6)
    devise (1.4.2)
      bcrypt-ruby (~> 2.1.2)
      orm_adapter (~> 0.0.3)
      warden (~> 1.0.3)
    dynamic_form (1.1.4)
    erubis (2.6.6)
      abstract (>= 1.0.0)
    fastthread (1.0.7)
    friendly_id (3.2.1.1)
      babosa (~> 0.3.0)
    geoip (1.1.1)
    geokit (1.5.0)
    geokit-rails3 (0.1.3)
      geokit (~> 1.5.0)
      rails (~> 3.0.4)
    highline (1.6.2)
    i18n (0.5.0)
    jquery-rails (1.0.12)
      railties (~> 3.0)
      thor (~> 0.14)
    json (1.5.3)
    mail (2.2.19)
      activesupport (>= 2.3.6)
      i18n (>= 0.4.0)
      mime-types (~> 1.16)
      treetop (~> 1.4.8)
    meta_where (1.0.4)
      activerecord (~> 3.0.0)
      activesupport (~> 3.0.0)
      arel (~> 2.0.7)
    mime-types (1.16)
    mysql (2.8.1)
    mysql2 (0.2.7)
    net-scp (1.0.4)
      net-ssh (>= 1.99.1)
    net-sftp (2.0.5)
      net-ssh (>= 2.0.9)
    net-ssh (2.1.4)
    net-ssh-gateway (1.1.0)
      net-ssh (>= 1.99.1)
    orm_adapter (0.0.5)
    paperclip (2.3.15)
      activerecord (>= 2.3.0)
      activesupport (>= 2.3.2)
      cocaine (>= 0.0.2)
      mime-types
    passenger (3.0.7)
      daemon_controller (>= 0.2.5)
      fastthread (>= 1.0.1)
      rack
      rake (>= 0.8.1)
    polyglot (0.3.1)
    rack (1.2.3)
    rack-mount (0.6.14)
      rack (>= 1.0.0)
    rack-openid (1.3.1)
      rack (>= 1.1.0)
      ruby-openid (>= 2.1.8)
    rack-test (0.5.7)
      rack (>= 1.0)
    rails (3.0.6)
      actionmailer (= 3.0.6)
      actionpack (= 3.0.6)
      activerecord (= 3.0.6)
      activeresource (= 3.0.6)
      activesupport (= 3.0.6)
      bundler (~> 1.0)
      railties (= 3.0.6)
    rails-geocoder (0.9.11)
    rails3-generators (0.17.4)
      railties (>= 3.0.0)
    railties (3.0.6)
      actionpack (= 3.0.6)
      activesupport (= 3.0.6)
      rake (>= 0.8.7)
      thor (~> 0.14.4)
    rake (0.9.2)
    responds_to_parent (1.0.20091013)
    riddle (1.3.3)
    rmagick (2.13.1)
    ruby-openid (2.1.8)
    thor (0.14.6)
    treetop (1.4.9)
      polyglot (>= 0.2.5)
    tzinfo (0.3.29)
    warden (1.0.4)
      rack (>= 1.0)
    web-app-theme (0.6.3)
    will_paginate (3.0.pre2)

PLATFORMS
  ruby

DEPENDENCIES
  acts_as_tree
  bhm-google-maps
  cancan
  capistrano
  ckeditor!
  declarative_authorization!
  devise
  dynamic_form
  friendly_id (~> 3.1)
  geoip
  geokit
  geokit-rails3
  jquery-rails
  json
  meta_where
  mysql
  mysql2 (= 0.2.7)
  paperclip
  passenger
  rack
  rack-openid (>= 0.2.1)
  rails (= 3.0.6)
  rails-geocoder
  rails3-generators
  responds_to_parent
  rmagick
  ruby-openid
  thinking-sphinx!
  web-app-theme
  will_paginate (~> 3.0.pre2)
